GEM
  remote: https://rubygems.org/
  specs:
    bigdecimal (3.1.8)
    jsonlint (0.4.0)
      oj (~> 3)
      optimist (~> 3)
    oj (3.16.6)
      bigdecimal (>= 3.0)
      ostruct (>= 0.2)
    optimist (3.1.0)
    ostruct (0.6.0)
    rake (13.2.1)

PLATFORMS
  ruby

DEPENDENCIES
  jsonlint (~> 0.4)
  rake

BUNDLED WITH
   1.17.2
